GEM
  remote: http://rubygems.org/
  specs:
    aspelllint (0.14)
      dotsmack (~> 0.3)
      ptools (~> 1.2)
    builder (3.2.4)
    cucumber (1.3.20)
      builder (>= 2.1.2)
      diff-lcs (>= 1.1.3)
      gherkin (~> 2.12)
      multi_json (>= 1.7.5, < 2.0)
      multi_test (>= 0.1.2)
    diff-lcs (1.4.4)
    dotsmack (0.5)
      ptools (~> 1.2)
    gherkin (2.12.2)
      multi_json (~> 1.3)
    multi_json (1.15.0)
    multi_test (0.1.2)
    ptools (1.4.0)

PLATFORMS
  ruby

DEPENDENCIES
  aspelllint (~> 0.10)
  cucumber (~> 1.3)

RUBY VERSION
   ruby 2.7.0p0

BUNDLED WITH
   2.1.4
